PATH
  remote: .
  specs:
    tiny_bar (1.0.0)
      tiny_color (>= 1.3)

GEM
  remote: https://rubygems.org/
  specs:
    tiny_color (1.3.1)

PLATFORMS
  x86_64-darwin-21

DEPENDENCIES
  tiny_bar!

BUNDLED WITH
   2.3.14
